PATH
  remote: .
  specs:
    apns (1.1.0.1)
      json (~> 1.8.1)

GEM
  remote: http://rubygems.org/
  specs:
    diff-lcs (1.2.5)
    json (1.8.1)
    rake (10.3.2)
    rspec (2.14.0)
      rspec-core (~> 2.14.0)
      rspec-expectations (~> 2.14.0)
      rspec-mocks (~> 2.14.0)
    rspec-core (2.14.8)
    rspec-expectations (2.14.5)
      diff-lcs (>= 1.1.3, < 2.0)
    rspec-mocks (2.14.6)

PLATFORMS
  ruby

DEPENDENCIES
  apns!
  rake (~> 10.3.2)
  rspec (>= 2.14.0, < 3.0)
